GEM
  remote: https://rubygems.org/
  specs:
    prettier (2.0.0)

PLATFORMS
  ruby

DEPENDENCIES
  prettier

BUNDLED WITH
   1.17.2
