GEM
  remote: https://rubygems.org/
  specs:
    prettier (2.0.0)

PLATFORMS
  x86_64-linux

DEPENDENCIES
  prettier

BUNDLED WITH
   2.2.3
